GIT
  remote: git://github.com/sandal/prawn.git
  revision: 72965aeda923e2449bb27a1c945611676b6412a1
  specs:
    prawn (0.11.1)
      pdf-reader (>= 0.9.0)
      ttfunk (~> 1.0.0)

GEM
  specs:
    Ascii85 (1.0.0)
    pdf-reader (0.9.2)
      Ascii85 (>= 0.9)
    ttfunk (1.0.1)

PLATFORMS
  ruby

DEPENDENCIES
  prawn!
